{
  "AcquisitionMatrixPE": 100,
  "AcquisitionNumber": 1,
  "AcquisitionTime": "11:43:30.217500",
  "BandwidthPerPixelPhaseEncode": 32.258,
  "BaseResolution": 100,
  "BodyPartExamined": "BRAIN",
  "ConsistencyInfo": "N4_VE11C_LATEST_20160120",
  "ConversionSoftware": "dcm2niix",
  "ConversionSoftwareVersion": "v1.0.20190410  GCC6.3.0",
  "DerivedVendorReportedEchoSpacing": 0.000620001,
  "DeviceSerialNumber": "166054",
  "DiffusionScheme": "Monopolar",
  "DwellTime": 2.7e-06,
  "EchoTime": 0.062,
  "EchoTrainLength": 49,
  "EffectiveEchoSpacing": 0.000310001,
  "FlipAngle": 90,
  "ImageOrientationPatientDICOM": [1, 0, -3.2e-14, 0, 1, 1.83e-13],
  "ImageType": [
    "ORIGINAL",
    "PRIMARY",
    "DIFFUSION",
    "NONE",
    "ND",
    "MOSAIC"
],
  "ImagingFrequency": 123.26,
  "InPlanePhaseEncodingDirectionDICOM": "COL",
  "InstitutionAddress": "Street_StreetNo_City_District_IL_ZIP",
  "InstitutionName": "Weizmann_Institute",
  "InstitutionalDepartmentName": "Department",
  "MRAcquisitionType": "2D",
  "MagneticFieldStrength": 3,
  "Manufacturer": "Siemens",
  "ManufacturersModelName": "Prisma",
  "Modality": "MR",
  "ParallelReductionFactorInPlane": 2,
  "PartialFourier": 1,
  "PatientPosition": "HFS",
  "PercentPhaseFOV": 100,
  "PhaseEncodingDirection": "j-",
  "PhaseEncodingSteps": 99,
  "PhaseResolution": 1,
  "PixelBandwidth": 1850,
  "ProcedureStepDescription": "Weizmann_Sobel",
  "ProtocolName": "DTI_iPAT2_iso2.1",
  "PulseSequenceDetails": "%SiemensSeq%_ep2d_diff",
  "ReceiveCoilActiveElements": "HEA;HEP",
  "ReceiveCoilName": "Head_32",
  "ReconMatrixPE": 100,
  "RefLinesPE": 34,
  "RepetitionTime": 6.5,
  "SAR": 0.202616,
  "ScanOptions": "FS",
  "ScanningSequence": "EP",
  "SequenceName": "_ep_b0",
  "SequenceVariant": "SK_SP",
  "SeriesDescription": "DTI_iPAT2_iso2.1",
  "SeriesNumber": 13,
  "ShimSetting": [5925, -4039, -1897, 467, 155, -33, -45, -27],
  "SliceThickness": 2.1,
  "SliceTiming": [3.24, 0, 3.3325, 0.0925, 3.425, 0.185, 3.5175, 0.2775, 3.61, 0.37, 3.7025, 0.4625, 3.795, 0.555, 3.8875, 0.6475, 3.98, 0.74, 4.0725, 0.8325, 4.165, 0.925, 4.2575, 1.0175, 4.35, 1.11, 4.4425, 1.2025, 4.535, 1.295, 4.6275, 1.3875, 4.72, 1.48, 4.8125, 1.5725, 4.905, 1.665, 4.9975, 1.7575, 5.09, 1.85, 5.1825, 1.9425, 5.275, 2.035, 5.3675, 2.1275, 5.46, 2.22, 5.5525, 2.3125, 5.645, 2.405, 5.7375, 2.4975, 5.83, 2.59, 5.9225, 2.685, 6.0175, 2.7775, 6.11, 2.87, 6.2025, 2.9625, 6.295, 3.055, 6.3875, 3.1475],
  "SoftwareVersions": "syngo_MR_E11",
  "SpacingBetweenSlices": 2.1,
  "StationName": "AWP166054",
  "TotalReadoutTime": 0.0306901,
  "TxRefAmp": 252.803,
  "VendorReportedEchoSpacing": 0.00062}