{
  "AcquisitionMatrixPE": 98,
  "AcquisitionNumber": 1,
  "AcquisitionTime": "11:11:8.207500",
  "BandwidthPerPixelPhaseEncode": 35.525,
  "BaseResolution": 110,
  "BodyPartExamined": "BRAIN",
  "ConsistencyInfo": "N4_VE11C_LATEST_20160120",
  "ConversionSoftware": "dcm2niix",
  "ConversionSoftwareVersion": "v1.0.20190410  GCC6.3.0",
  "DerivedVendorReportedEchoSpacing": 0.000541331,
  "DeviceSerialNumber": "166054",
  "DwellTime": 2e-06,
  "EchoTime": 0.025,
  "EchoTrainLength": 49,
  "EffectiveEchoSpacing": 0.000270665,
  "FlipAngle": 70,
  "ImageOrientationPatientDICOM": [0.998166, -0.0603956, 0.00411057, 0.0540587, 0.858757, -0.509523],
  "ImageType": [
    "ORIGINAL",
    "PRIMARY",
    "M",
    "ND",
    "MOSAIC"
],
  "ImagingFrequency": 123.26,
  "InPlanePhaseEncodingDirectionDICOM": "COL",
  "InstitutionAddress": "Street_StreetNo_City_District_IL_ZIP",
  "InstitutionName": "Weizmann_Institute",
  "InstitutionalDepartmentName": "Department",
  "MRAcquisitionType": "2D",
  "MagneticFieldStrength": 3,
  "Manufacturer": "Siemens",
  "ManufacturersModelName": "Prisma",
  "Modality": "MR",
  "ParallelReductionFactorInPlane": 2,
  "PartialFourier": 1,
  "PatientPosition": "HFS",
  "PercentPhaseFOV": 94.5455,
  "PhaseEncodingDirection": "j-",
  "PhaseEncodingSteps": 98,
  "PhaseResolution": 0.94,
  "PixelBandwidth": 2275,
  "ProcedureStepDescription": "Weizmann_Sobel",
  "ProtocolName": "ep2d_bold_GRAPPA",
  "PulseSequenceDetails": "%SiemensSeq%_ep2d_bold",
  "ReceiveCoilActiveElements": "HEA;HEP",
  "ReceiveCoilName": "Head_32",
  "ReconMatrixPE": 104,
  "RefLinesPE": 24,
  "RepetitionTime": 1.5,
  "SAR": 0.0654044,
  "ScanOptions": "FS",
  "ScanningSequence": "EP",
  "SequenceName": "_epfid2d1_98",
  "SequenceVariant": "SK_OSP",
  "SeriesDescription": "ep2d_bold_GRAPPA",
  "SeriesNumber": 7,
  "ShimSetting": [5925, -4039, -1897, 467, 155, -33, -45, -27],
  "SliceThickness": 2,
  "SliceTiming": [0, 0.7675, 0.055, 0.8225, 0.11, 0.8775, 0.165, 0.9325, 0.22, 0.9875, 0.275, 1.0425, 0.33, 1.095, 0.3825, 1.15, 0.4375, 1.205, 0.4925, 1.26, 0.5475, 1.315, 0.6025, 1.37, 0.6575, 1.425, 0.7125],
  "SoftwareVersions": "syngo_MR_E11",
  "SpacingBetweenSlices": 2,
  "StationName": "AWP166054",
  "TaskName": "odors",
  "TotalReadoutTime": 0.0278785,
  "TxRefAmp": 252.803,
  "VendorReportedEchoSpacing": 0.00054}