{
  "TaskName": "Rating odor pleasantness",
  "Description": ["Four odorants with previously-verified iso-intense perception were used.In each of two functional runs, 10 stimuli per valence were delivered, culminating in 20 pleasant and 20 unpleasant odorant events in both runs. Stimulus duration = 3 sec, interstimulus-interval = 20-26 sec (jittered), odourant onset triggered by ihalation onset. Participants were instructed to breathe naturally, to keep their eyes closed, and if they noted an odorant, to rate its pleasantness using a button box placed in their dominant (left) hand."],
  "AcquisitionMatrixPE": 98,
  "AcquisitionNumber": 1,
  "BandwidthPerPixelPhaseEncode": 35.525,
  "BaseResolution": 110,
  "BodyPartExamined": "BRAIN",
  "CogAtlasID": "TODO",
  "ConsistencyInfo": "N4_VE11C_LATEST_20160120",
  "ConversionSoftware": "dcm2niix",
  "ConversionSoftwareVersion": "v1.0.20190410  GCC6.3.0",
  "DerivedVendorReportedEchoSpacing": 0.000541331,
  "DeviceSerialNumber": "166054",
  "DwellTime": 2e-06,
  "EchoTime": 0.025,
  "EchoTrainLength": 49,
  "EffectiveEchoSpacing": 0.000270665,
  "FlipAngle": 70,
  "ImageType": [
    "ORIGINAL",
    "PRIMARY",
    "M",
    "ND",
    "MOSAIC"
],
  "InPlanePhaseEncodingDirectionDICOM": "COL",
  "InstitutionAddress": "Street_StreetNo_City_District_IL_ZIP",
  "InstitutionName": "Weizmann_Institute",
  "InstitutionalDepartmentName": "Department",
  "MRAcquisitionType": "2D",
  "MagneticFieldStrength": 3,
  "Manufacturer": "Siemens",
  "ManufacturersModelName": "Prisma",
  "Modality": "MR",
  "ParallelReductionFactorInPlane": 2,
  "PartialFourier": 1,
  "PatientPosition": "HFS",
  "PercentPhaseFOV": 94.5455,
  "PhaseEncodingDirection": "j-",
  "PhaseEncodingSteps": 98,
  "PhaseResolution": 0.94,
  "PixelBandwidth": 2275,
  "ProcedureStepDescription": "Weizmann_Sobel",
  "PulseSequenceDetails": "%SiemensSeq%_ep2d_bold",
  "ReceiveCoilActiveElements": "HEA;HEP",
  "ReceiveCoilName": "Head_32",
  "ReconMatrixPE": 104,
  "RefLinesPE": 24,
  "RepetitionTime": 1.5,
  "ScanOptions": "FS",
  "ScanningSequence": "EP",
  "SequenceName": "_epfid2d1_98",
  "SequenceVariant": "SK_OSP",
  "SliceThickness": 2,
  "SoftwareVersions": "syngo_MR_E11",
  "SpacingBetweenSlices": 2,
  "StationName": "AWP166054",
  "TaskName": "TODO: full task name for odors",
  "TotalReadoutTime": 0.0278785,
  "VendorReportedEchoSpacing": 0.00054}