{
  "AcquisitionMatrixPE": 416,
  "AcquisitionNumber": 1,
  "AcquisitionTime": "12:52:28.872500",
  "BaseResolution": 512,
  "BodyPartExamined": "BRAIN",
  "ConsistencyInfo": "N4_VE11C_LATEST_20160120",
  "ConversionSoftware": "dcm2niix",
  "ConversionSoftwareVersion": "v1.0.20190410  GCC6.3.0",
  "DeviceSerialNumber": "166054",
  "DwellTime": 5e-06,
  "EchoTime": 0.085,
  "EchoTrainLength": 15,
  "FlipAngle": 120,
  "ImageOrientationPatientDICOM": [0.999748, -0.0217902, -0.00537067, -0.00269072, 0.121202, -0.992624],
  "ImageType": [
    "ORIGINAL",
    "PRIMARY",
    "M",
    "ND",
    "NORM"
],
  "ImagingFrequency": 123.26,
  "InPlanePhaseEncodingDirectionDICOM": "COL",
  "InstitutionAddress": "Street_StreetNo_City_District_IL_ZIP",
  "InstitutionName": "Weizmann_Institute",
  "InstitutionalDepartmentName": "Department",
  "MRAcquisitionType": "2D",
  "MagneticFieldStrength": 3,
  "Manufacturer": "Siemens",
  "ManufacturersModelName": "Prisma",
  "Modality": "MR",
  "NumberOfAverages": 2,
  "PartialFourier": 1,
  "PatientPosition": "HFS",
  "PercentPhaseFOV": 81.25,
  "PhaseEncodingDirection": "j",
  "PhaseEncodingSteps": 420,
  "PhaseResolution": 1,
  "PixelBandwidth": 195,
  "ProcedureStepDescription": "Weizmann_Sobel",
  "ProtocolName": "t2_0.4x0.4x1.6_32ch_AXIAL",
  "PulseSequenceDetails": "%SiemensSeq%_tse",
  "ReceiveCoilActiveElements": "HEA;HEP",
  "ReceiveCoilName": "Head_32",
  "ReconMatrixPE": 416,
  "RepetitionTime": 4.6,
  "SAR": 0.485377,
  "ScanningSequence": "SE",
  "SequenceName": "_tse2d1_15",
  "SequenceVariant": "SK_SP_OSP",
  "SeriesDescription": "t2_0.4x0.4x1.6_32ch_AXIAL",
  "SeriesNumber": 6,
  "ShimSetting": [5900, -4067, -1936, 404, 138, 65, 63, -22],
  "SliceThickness": 1.6,
  "SoftwareVersions": "syngo_MR_E11",
  "SpacingBetweenSlices": 1.6,
  "StationName": "AWP166054",
  "TxRefAmp": 245.5}