{
  "AcquisitionMatrixPE": 100,
  "AcquisitionNumber": 1,
  "AcquisitionTime": "11:44:12.862500",
  "BandwidthPerPixelPhaseEncode": 32.258,
  "BaseResolution": 100,
  "BodyPartExamined": "BRAIN",
  "ConsistencyInfo": "N4_VE11C_LATEST_20160120",
  "ConversionSoftware": "dcm2niix",
  "ConversionSoftwareVersion": "v1.0.20190410  GCC6.3.0",
  "DerivedVendorReportedEchoSpacing": 0.000620001,
  "DeviceSerialNumber": "166054",
  "DiffusionScheme": "Monopolar",
  "DwellTime": 2.7e-06,
  "EchoTime": 0.062,
  "EchoTrainLength": 49,
  "EffectiveEchoSpacing": 0.000310001,
  "FlipAngle": 90,
  "ImageOrientationPatientDICOM": [0.999947, 0.0102973, 1e-14, -0.0102973, 0.999947, 2.5e-13],
  "ImageType": [
    "ORIGINAL",
    "PRIMARY",
    "DIFFUSION",
    "NONE",
    "ND",
    "MOSAIC"
],
  "ImagingFrequency": 123.26,
  "InPlanePhaseEncodingDirectionDICOM": "COL",
  "InstitutionAddress": "Street_StreetNo_City_District_IL_ZIP",
  "InstitutionName": "Weizmann_Institute",
  "InstitutionalDepartmentName": "Department",
  "MRAcquisitionType": "2D",
  "MagneticFieldStrength": 3,
  "Manufacturer": "Siemens",
  "ManufacturersModelName": "Prisma",
  "Modality": "MR",
  "ParallelReductionFactorInPlane": 2,
  "PartialFourier": 1,
  "PatientPosition": "HFS",
  "PercentPhaseFOV": 100,
  "PhaseEncodingDirection": "j-",
  "PhaseEncodingSteps": 99,
  "PhaseResolution": 1,
  "PixelBandwidth": 1850,
  "ProcedureStepDescription": "Weizmann_Sobel",
  "ProtocolName": "DTI_iPAT2_iso2.1",
  "PulseSequenceDetails": "%SiemensSeq%_ep2d_diff",
  "ReceiveCoilActiveElements": "HEA;HEP",
  "ReceiveCoilName": "Head_32",
  "ReconMatrixPE": 100,
  "RefLinesPE": 34,
  "RepetitionTime": 6.5,
  "SAR": 0.22788,
  "ScanOptions": "FS",
  "ScanningSequence": "EP",
  "SequenceName": "_ep_b0",
  "SequenceVariant": "SK_SP",
  "SeriesDescription": "DTI_iPAT2_iso2.1",
  "SeriesNumber": 11,
  "ShimSetting": [5931, -4038, -1809, 544, 119, 76, 50, -19],
  "SliceThickness": 2.1,
  "SliceTiming": [3.24, 0, 3.3325, 0.0925, 3.425, 0.185, 3.5175, 0.2775, 3.61, 0.37, 3.7025, 0.4625, 3.795, 0.555, 3.8875, 0.6475, 3.98, 0.74, 4.0725, 0.835, 4.1675, 0.9275, 4.26, 1.02, 4.3525, 1.1125, 4.445, 1.205, 4.5375, 1.2975, 4.63, 1.39, 4.7225, 1.4825, 4.815, 1.575, 4.9075, 1.6675, 5, 1.76, 5.0925, 1.8525, 5.185, 1.945, 5.2775, 2.0375, 5.37, 2.13, 5.4625, 2.2225, 5.555, 2.315, 5.6475, 2.4075, 5.74, 2.5, 5.8325, 2.5925, 5.925, 2.685, 6.0175, 2.7775, 6.11, 2.87, 6.2025, 2.9625, 6.295, 3.055, 6.3875, 3.1475],
  "SoftwareVersions": "syngo_MR_E11",
  "SpacingBetweenSlices": 2.1,
  "StationName": "AWP166054",
  "TotalReadoutTime": 0.0306901,
  "TxRefAmp": 221.179,
  "VendorReportedEchoSpacing": 0.00062}