{
  "AcquisitionMatrixPE": 320,
  "AcquisitionNumber": 1,
  "AcquisitionTime": "14:07:53.940000",
  "BaseResolution": 320,
  "BodyPartExamined": "BRAIN",
  "ConsistencyInfo": "N4_VE11C_LATEST_20160120",
  "ConversionSoftware": "dcm2niix",
  "ConversionSoftwareVersion": "v1.0.20190410  GCC6.3.0",
  "DeviceSerialNumber": "166054",
  "DwellTime": 1.15e-05,
  "EchoTime": 0.093,
  "EchoTrainLength": 47,
  "FlipAngle": 120,
  "ImageOrientationPatientDICOM": [0.998799, 0.0261192, -0.0414423, -0.0198755, 0.989306, 0.144496],
  "ImageType": [
    "ORIGINAL",
    "PRIMARY",
    "M",
    "ND",
    "NORM"
],
  "ImagingFrequency": 123.26,
  "InPlanePhaseEncodingDirectionDICOM": "ROW",
  "InstitutionAddress": "Street_StreetNo_City_District_IL_ZIP",
  "InstitutionName": "Weizmann_Institute",
  "InstitutionalDepartmentName": "Department",
  "MRAcquisitionType": "3D",
  "MagneticFieldStrength": 3,
  "Manufacturer": "Siemens",
  "ManufacturersModelName": "Prisma",
  "Modality": "MR",
  "NumberOfAverages": 2,
  "PartialFourier": 1,
  "PatientPosition": "HFS",
  "PercentPhaseFOV": 100,
  "PhaseEncodingSteps": 181,
  "PhaseResolution": 1,
  "PixelBandwidth": 135,
  "ProcedureStepDescription": "Weizmann_Sobel",
  "ProtocolName": "t2_space_tra_AXIAL_RL",
  "PulseSequenceDetails": "%SiemensSeq%_tse_vfl",
  "ReceiveCoilActiveElements": "HEA;HEP",
  "ReceiveCoilName": "Head_32",
  "ReconMatrixPE": 320,
  "RepetitionTime": 2,
  "SAR": 0.15071,
  "ScanOptions": "PFP",
  "ScanningSequence": "SE",
  "SequenceName": "_spcR_80",
  "SequenceVariant": "SK_SP",
  "SeriesDescription": "t2_space_tra_AXIAL_RL",
  "SeriesNumber": 5,
  "ShimSetting": [5898, -4142, -1876, 842, 87, -205, 496, 25],
  "SliceThickness": 0.47,
  "SoftwareVersions": "syngo_MR_E11",
  "StationName": "AWP166054",
  "TxRefAmp": 219.9}