{
  "AcquisitionMatrixPE": 384,
  "AcquisitionNumber": 1,
  "AcquisitionTime": "11:12:44.917500",
  "BaseResolution": 384,
  "BodyPartExamined": "BRAIN",
  "ConsistencyInfo": "N4_VE11C_LATEST_20160120",
  "ConversionSoftware": "dcm2niix",
  "ConversionSoftwareVersion": "v1.0.20190410  GCC6.3.0",
  "DeviceSerialNumber": "166054",
  "DwellTime": 8.7e-06,
  "EchoTime": 0.096,
  "EchoTrainLength": 48,
  "FlipAngle": 120,
  "ImageOrientationPatientDICOM": [0.999792, -0.0204189, 1.4e-14, 0.0204189, 0.999792, -3.9e-14],
  "ImageType": [
    "ORIGINAL",
    "PRIMARY",
    "M",
    "ND",
    "NORM"
],
  "ImagingFrequency": 123.259,
  "InPlanePhaseEncodingDirectionDICOM": "COL",
  "InstitutionAddress": "Street_StreetNo_City_District_IL_ZIP",
  "InstitutionName": "Weizmann_Institute",
  "InstitutionalDepartmentName": "Department",
  "MRAcquisitionType": "3D",
  "MagneticFieldStrength": 3,
  "Manufacturer": "Siemens",
  "ManufacturersModelName": "Prisma",
  "Modality": "MR",
  "NumberOfAverages": 2,
  "PartialFourier": 1,
  "PatientPosition": "HFS",
  "PercentPhaseFOV": 100,
  "PhaseEncodingSteps": 222,
  "PhaseResolution": 1,
  "PixelBandwidth": 150,
  "ProcedureStepDescription": "Weizmann_Sobel",
  "ProtocolName": "t2_space_tra_AXIAL_RL",
  "PulseSequenceDetails": "%SiemensSeq%_tse_vfl",
  "ReceiveCoilActiveElements": "HEA;HEP",
  "ReceiveCoilName": "Head_32",
  "ReconMatrixPE": 384,
  "RepetitionTime": 2,
  "SAR": 0.185042,
  "ScanOptions": "PFP",
  "ScanningSequence": "SE",
  "SequenceName": "_spcR_80",
  "SequenceVariant": "SK_SP",
  "SeriesDescription": "t2_space_tra_AXIAL_RL",
  "SeriesNumber": 11,
  "ShimSetting": [5911, -4086, -1969, 237, -23, -41, 109, -79],
  "SliceThickness": 0.5,
  "SoftwareVersions": "syngo_MR_E11",
  "StationName": "AWP166054",
  "TxRefAmp": 244.1}